GEM
  remote: https://rubygems.org/
  specs:
    dxruby (1.4.7)

PLATFORMS
  x86-mingw32

DEPENDENCIES
  dxruby

BUNDLED WITH
   2.3.5
